GEM
  remote: https://rubygems.org/
  specs:
    sunlight-congress (1.1.0)

PLATFORMS
  x86-mingw32

DEPENDENCIES
  sunlight-congress

BUNDLED WITH
   1.14.6
